GIT
  remote: git://github.com/mhfs/sidekiq-failures.git
  revision: ade3c0035e8b7df0821a71328fe31dc706226aeb
  specs:
    sidekiq-failures (1.0.0)
      sidekiq (>= 4.0.0)

GIT
  remote: git://github.com/rubenrails/hogan_assets.git
  revision: f8092560b1d2ed7a6ac78d4cc76a0a5d6715197b
  branch: fix_for_sprockets
  specs:
    hogan_assets (1.6.0)
      execjs (>= 1.2.9)
      sprockets (>= 2.0.3)
      tilt (>= 1.3.3)

GIT
  remote: git://github.com/seuros/capistrano-sidekiq.git
  revision: c850e17288b612fa0d4defd732b886cf1ab2a7b2
  specs:
    capistrano-sidekiq (0.20.0)
      capistrano (>= 3.9.0)
      sidekiq (>= 3.4)

GIT
  remote: https://github.com/brandonweeks/rugged.git
  revision: cdabe1e11ab85428c380df21cbd3117ca232a865
  tag: v0.24.0-square0
  submodules: true
  specs:
    rugged (0.24.0)

GIT
  remote: https://github.com/thoughtbot/paperclip
  revision: 523bd46c768226893f23889079a7aa9c73b57d68
  ref: 523bd46c768226893f23889079a7aa9c73b57d68
  specs:
    paperclip (4.3.1)
      activemodel (>= 3.2.0)
      activesupport (>= 3.2.0)
      cocaine (~> 0.5.5)
      mime-types
      mimemagic (= 0.3.0)

GEM
  remote: https://rubygems.org/
  specs:
    CFPropertyList (2.3.6)
    actionmailer (4.2.10)
      actionpack (= 4.2.10)
      actionview (= 4.2.10)
      activejob (= 4.2.10)
      mail (~> 2.5, >= 2.5.4)
      rails-dom-testing (~> 1.0, >= 1.0.5)
    actionpack (4.2.10)
      actionview (= 4.2.10)
      activesupport (= 4.2.10)
      rack (~> 1.6)
      rack-test (~> 0.6.2)
      rails-dom-testing (~> 1.0, >= 1.0.5)
      rails-html-sanitizer (~> 1.0, >= 1.0.2)
    actionview (4.2.10)
      activesupport (= 4.2.10)
      builder (~> 3.1)
      erubis (~> 2.7.0)
      rails-dom-testing (~> 1.0, >= 1.0.5)
      rails-html-sanitizer (~> 1.0, >= 1.0.3)
    activejob (4.2.10)
      activesupport (= 4.2.10)
      globalid (>= 0.3.0)
    activemodel (4.2.10)
      activesupport (= 4.2.10)
      builder (~> 3.1)
    activerecord (4.2.10)
      activemodel (= 4.2.10)
      activesupport (= 4.2.10)
      arel (~> 6.0)
    activesupport (4.2.10)
      i18n (~> 0.7)
      minitest (~> 5.1)
      thread_safe (~> 0.3, >= 0.3.4)
      tzinfo (~> 1.1)
    addressable (2.5.2)
      public_suffix (>= 2.0.2, < 4.0)
    after-commit-on-action (0.0.3)
      rails (>= 4.0)
    airbrussh (1.3.0)
      sshkit (>= 1.6.1, != 1.7.0)
    arel (6.0.4)
    autoprefixer-rails (7.2.4)
      execjs
    aws-sdk (2.10.115)
      aws-sdk-resources (= 2.10.115)
    aws-sdk-core (2.10.115)
      aws-sigv4 (~> 1.0)
      jmespath (~> 1.0)
    aws-sdk-resources (2.10.115)
      aws-sdk-core (= 2.10.115)
    aws-sigv4 (1.0.2)
    bcrypt (3.1.11)
    better_errors (2.4.0)
      coderay (>= 1.0.0)
      erubi (>= 1.0.0)
      rack (>= 0.9.0)
    boolean (1.0.1)
    builder (3.2.3)
    capistrano (3.10.1)
      airbrussh (>= 1.0.0)
      i18n
      rake (>= 10.0.0)
      sshkit (>= 1.9.0)
    capistrano-bundler (1.3.0)
      capistrano (~> 3.1)
      sshkit (~> 1.2)
    capistrano-rails (1.3.1)
      capistrano (~> 3.1)
      capistrano-bundler (~> 1.1)
    capistrano-rvm (0.1.2)
      capistrano (~> 3.0)
      sshkit (~> 1.2)
    capybara (2.17.0)
      addressable
      mini_mime (>= 0.1.3)
      nokogiri (>= 1.3.3)
      rack (>= 1.0.0)
      rack-test (>= 0.5.4)
      xpath (>= 2.0, < 4.0)
    chronic (0.10.2)
    climate_control (0.2.0)
    cocaine (0.5.8)
      climate_control (>= 0.0.3, < 1.0)
    coderay (1.1.2)
    coffee-rails (4.2.2)
      coffee-script (>= 2.2.0)
      railties (>= 4.0.0)
    coffee-script (2.4.1)
      coffee-script-source
      execjs
    coffee-script-source (1.12.2)
    concurrent-ruby (1.0.5)
    configoro (1.4.0)
      activesupport
    connection_pool (2.2.1)
    crass (1.0.3)
    database_cleaner (1.6.2)
    devise (4.4.0)
      bcrypt (~> 3.0)
      orm_adapter (~> 0.1)
      railties (>= 4.1.0, < 5.2)
      responders
      warden (~> 1.2.3)
    diff-lcs (1.3)
    dropzonejs-rails (0.8.2)
      rails (> 3.1)
    elasticsearch (5.0.4)
      elasticsearch-api (= 5.0.4)
      elasticsearch-transport (= 5.0.4)
    elasticsearch-api (5.0.4)
      multi_json
    elasticsearch-dsl (0.1.5)
    elasticsearch-model (5.0.2)
      activesupport (> 3)
      elasticsearch (~> 5)
      hashie
    elasticsearch-rails (5.0.2)
    elasticsearch-transport (5.0.4)
      faraday
      multi_json
    erubi (1.7.0)
    erubis (2.7.0)
    execjs (2.7.0)
    factory_bot (4.8.2)
      activesupport (>= 3.0.0)
    factory_bot_rails (4.8.2)
      factory_bot (~> 4.8.2)
      railties (>= 3.0.0)
    faker (1.8.7)
      i18n (>= 0.7)
    faraday (0.13.1)
      multipart-post (>= 1.2, < 3)
    ffi (1.9.18)
    find_or_create_on_scopes (1.5.0)
      activerecord (>= 3.1)
    font-awesome-rails (4.7.0.3)
      railties (>= 3.2, < 5.2)
    globalid (0.4.1)
      activesupport (>= 4.2.0)
    hashie (3.5.7)
    html_validation (1.1.5)
    httparty (0.15.6)
      multi_xml (>= 0.5.2)
    i18n (0.9.1)
      concurrent-ruby (~> 1.0)
    jmespath (1.3.1)
    jquery-rails (4.3.1)
      rails-dom-testing (>= 1, < 3)
      railties (>= 4.2.0)
      thor (>= 0.14, < 2.0)
    json (2.1.0)
    kaminari (1.1.1)
      activesupport (>= 4.1.0)
      kaminari-actionview (= 1.1.1)
      kaminari-activerecord (= 1.1.1)
      kaminari-core (= 1.1.1)
    kaminari-actionview (1.1.1)
      actionview
      kaminari-core (= 1.1.1)
    kaminari-activerecord (1.1.1)
      activerecord
      kaminari-core (= 1.1.1)
    kaminari-core (1.1.1)
    libarchive (0.1.2)
    loofah (2.1.1)
      crass (~> 1.0.2)
      nokogiri (>= 1.5.9)
    mail (2.7.0)
      mini_mime (>= 0.1.1)
    method_source (0.8.2)
    mime-types (3.1)
      mime-types-data (~> 3.2015)
    mime-types-data (3.2016.0521)
    mimemagic (0.3.0)
    mini_mime (1.0.0)
    mini_portile2 (2.3.0)
    minitest (5.11.1)
    multi_json (1.13.1)
    multi_xml (0.6.0)
    multipart-post (2.0.0)
    mustache (1.0.5)
    net-scp (1.2.1)
      net-ssh (>= 2.6.5)
    net-ssh (4.2.0)
    nokogiri (1.8.1)
      mini_portile2 (~> 2.3.0)
    orm_adapter (0.5.0)
    parslet (1.8.1)
    pg (0.21.0)
    pry (0.10.4)
      coderay (~> 1.1.0)
      method_source (~> 0.8.1)
      slop (~> 3.4)
    pry-nav (0.2.4)
      pry (>= 0.9.10, < 0.11.0)
    public_suffix (3.0.1)
    rack (1.6.8)
    rack-cache (1.7.1)
      rack (>= 0.4)
    rack-protection (1.5.3)
      rack
    rack-test (0.6.3)
      rack (>= 1.0)
    rails (4.2.10)
      actionmailer (= 4.2.10)
      actionpack (= 4.2.10)
      actionview (= 4.2.10)
      activejob (= 4.2.10)
      activemodel (= 4.2.10)
      activerecord (= 4.2.10)
      activesupport (= 4.2.10)
      bundler (>= 1.3.0, < 2.0)
      railties (= 4.2.10)
      sprockets-rails
    rails-deprecated_sanitizer (1.0.3)
      activesupport (>= 4.2.0.alpha)
    rails-dom-testing (1.0.9)
      activesupport (>= 4.2.0, < 5.0)
      nokogiri (~> 1.6)
      rails-deprecated_sanitizer (>= 1.0.1)
    rails-html-sanitizer (1.0.3)
      loofah (~> 2.0)
    rails-observers (0.1.5)
      activemodel (>= 4.0)
    railties (4.2.10)
      actionpack (= 4.2.10)
      activesupport (= 4.2.10)
      rake (>= 0.8.7)
      thor (>= 0.18.1, < 2.0)
    rake (12.3.0)
    rb-fsevent (0.10.2)
    rb-inotify (0.9.10)
      ffi (>= 0.5.0, < 2)
    redcarpet (3.4.0)
    redis (3.3.5)
    redis-actionpack (5.0.2)
      actionpack (>= 4.0, < 6)
      redis-rack (>= 1, < 3)
      redis-store (>= 1.1.0, < 2)
    redis-activesupport (5.0.4)
      activesupport (>= 3, < 6)
      redis-store (>= 1.3, < 2)
    redis-classy (2.4.1)
      redis-namespace (~> 1.0)
    redis-mutex (4.0.1)
      redis-classy (~> 2.0)
    redis-namespace (1.6.0)
      redis (>= 3.0.4)
    redis-rack (2.0.4)
      rack (>= 1.5, < 3)
      redis-store (>= 1.2, < 2)
    redis-rails (5.0.2)
      redis-actionpack (>= 5.0, < 6)
      redis-activesupport (>= 5.0, < 6)
      redis-store (>= 1.2, < 2)
    redis-store (1.4.1)
      redis (>= 2.2, < 5)
    responders (2.4.0)
      actionpack (>= 4.2.0, < 5.3)
      railties (>= 4.2.0, < 5.3)
    rspec-core (3.7.1)
      rspec-support (~> 3.7.0)
    rspec-expectations (3.7.0)
      diff-lcs (>= 1.2.0, < 2.0)
      rspec-support (~> 3.7.0)
    rspec-mocks (3.7.0)
      diff-lcs (>= 1.2.0, < 2.0)
      rspec-support (~> 3.7.0)
    rspec-rails (3.7.2)
      actionpack (>= 3.0)
      activesupport (>= 3.0)
      railties (>= 3.0)
      rspec-core (~> 3.7.0)
      rspec-expectations (~> 3.7.0)
      rspec-mocks (~> 3.7.0)
      rspec-support (~> 3.7.0)
    rspec-support (3.7.0)
    ruby2ruby (2.4.0)
      ruby_parser (~> 3.1)
      sexp_processor (~> 4.6)
    ruby_parser (3.10.1)
      sexp_processor (~> 4.9)
    rubyzip (1.2.1)
    safemode (1.3.2)
      ruby2ruby (>= 2.0.6)
      ruby_parser (>= 3.2.0)
      sexp_processor (>= 4.3.0)
    sass (3.5.5)
      sass-listen (~> 4.0.0)
    sass-listen (4.0.0)
      rb-fsevent (~> 0.9, >= 0.9.4)
      rb-inotify (~> 0.9, >= 0.9.7)
    sass-rails (5.0.7)
      railties (>= 4.0.0, < 6)
      sass (~> 3.1)
      sprockets (>= 2.8, < 4.0)
      sprockets-rails (>= 2.0, < 4.0)
      tilt (>= 1.1, < 3)
    sexp_processor (4.10.0)
    sidekiq (4.2.10)
      concurrent-ruby (~> 1.0)
      connection_pool (~> 2.2, >= 2.2.0)
      rack-protection (>= 1.5.0)
      redis (~> 3.2, >= 3.2.1)
    sidekiq-pro (3.4.5)
      sidekiq (>= 4.1.5)
    similar_text (0.0.4)
    sinatra (1.4.8)
      rack (~> 1.5)
      rack-protection (~> 1.4)
      tilt (>= 1.3, < 3)
    slim (3.0.9)
      temple (>= 0.7.6, < 0.9)
      tilt (>= 1.3.3, < 2.1)
    slim-rails (3.1.3)
      actionpack (>= 3.1)
      railties (>= 3.1)
      slim (~> 3.0)
    slop (3.6.0)
    slugalicious (2.1.0)
      rails (>= 4.0)
      stringex
    sprockets (3.7.1)
      concurrent-ruby (~> 1.0)
      rack (> 1, < 3)
    sprockets-rails (3.2.1)
      actionpack (>= 4.0)
      activesupport (>= 4.0)
      sprockets (>= 3.0.0)
    sshkit (1.15.1)
      net-scp (>= 1.1.2)
      net-ssh (>= 2.8.0)
    stringex (2.8.2)
    temple (0.8.0)
    thor (0.20.0)
    thread_safe (0.3.6)
    tilt (2.0.8)
    timecop (0.9.1)
    timeliness (0.3.8)
    twitter-typeahead-rails (0.11.1)
      actionpack (>= 3.1)
      jquery-rails
      railties (>= 3.1)
    tzinfo (1.2.4)
      thread_safe (~> 0.1)
    uea-stemmer (0.10.3)
    uglifier (4.1.3)
      execjs (>= 0.3.0, < 3)
    unicode_scanner (1.0.0)
    validates_timeliness (4.0.2)
      timeliness (~> 0.3.7)
    warden (1.2.7)
      rack (>= 1.0)
    whenever (0.10.0)
      chronic (>= 0.6.3)
    xpath (3.0.0)
      nokogiri (~> 1.8)
    yard (0.9.12)

PLATFORMS
  ruby

DEPENDENCIES
  CFPropertyList
  after-commit-on-action
  autoprefixer-rails
  aws-sdk (< 3)
  better_errors
  boolean
  capistrano
  capistrano-bundler
  capistrano-rails
  capistrano-rvm
  capistrano-sidekiq!
  capybara
  coffee-rails
  coffee-script
  configoro
  database_cleaner
  devise
  diff-lcs
  dropzonejs-rails
  elasticsearch (< 6.0)
  elasticsearch-dsl
  elasticsearch-model
  elasticsearch-rails
  execjs
  factory_bot_rails
  faker
  faraday
  find_or_create_on_scopes
  font-awesome-rails
  hogan_assets!
  html_validation
  httparty
  jquery-rails
  json
  kaminari
  libarchive
  mustache
  nokogiri
  paperclip!
  parslet
  pg (< 1.0)
  pry-nav
  rack-cache
  rails (= 4.2.10)
  rails-observers
  redcarpet
  redis-mutex
  redis-namespace
  redis-rails
  rspec-rails
  rubyzip
  rugged!
  safemode
  sass-rails
  sidekiq (= 4.2.10)
  sidekiq-failures!
  sidekiq-pro
  similar_text
  sinatra
  slim-rails
  slugalicious
  sprockets-rails
  stringex
  timecop
  twitter-typeahead-rails
  uea-stemmer
  uglifier
  unicode_scanner
  validates_timeliness
  whenever
  yard

BUNDLED WITH
   1.16.1
