GIT
  remote: git://github.com/mhfs/sidekiq-failures.git
  revision: 4ff0e1756640bd8c77a9657ad7ea5cae73447091
  specs:
    sidekiq-failures (0.4.5)
      sidekiq (>= 2.16.0)

GIT
  remote: git://github.com/seuros/capistrano-sidekiq.git
  revision: 973c3683254248305f2cfc8135700d002705c812
  specs:
    capistrano-sidekiq (0.20.0)
      capistrano (>= 3.9.0)
      sidekiq (>= 3.4)

GIT
  remote: https://github.com/brandonweeks/rugged.git
  revision: cdabe1e11ab85428c380df21cbd3117ca232a865
  tag: v0.24.0-square0
  submodules: true
  specs:
    rugged (0.24.0)

GEM
  remote: https://rubygems.org/
  remote: https://rails-assets.org/
  specs:
    CFPropertyList (2.3.2)
    actionmailer (4.1.16)
      actionpack (= 4.1.16)
      actionview (= 4.1.16)
      mail (~> 2.5, >= 2.5.4)
    actionpack (4.1.16)
      actionview (= 4.1.16)
      activesupport (= 4.1.16)
      rack (~> 1.5.2)
      rack-test (~> 0.6.2)
    actionview (4.1.16)
      activesupport (= 4.1.16)
      builder (~> 3.1)
      erubis (~> 2.7.0)
    activemodel (4.1.16)
      activesupport (= 4.1.16)
      builder (~> 3.1)
    activerecord (4.1.16)
      activemodel (= 4.1.16)
      activesupport (= 4.1.16)
      arel (~> 5.0.0)
    activesupport (4.1.16)
      i18n (~> 0.6, >= 0.6.9)
      json (~> 1.7, >= 1.7.7)
      minitest (~> 5.1)
      thread_safe (~> 0.1)
      tzinfo (~> 1.1)
    after-commit-on-action (0.0.3)
      rails (>= 4.0)
    airbrussh (1.3.0)
      sshkit (>= 1.6.1, != 1.7.0)
    arel (5.0.1.20140414130214)
    autoprefixer-rails (6.3.6.2)
      execjs
    aws-sdk (2.3.15)
      aws-sdk-resources (= 2.3.15)
    aws-sdk-core (2.3.15)
      jmespath (~> 1.0)
    aws-sdk-resources (2.3.15)
      aws-sdk-core (= 2.3.15)
    bcrypt (3.1.11)
    better_errors (2.1.1)
      coderay (>= 1.0.0)
      erubis (>= 2.6.6)
      rack (>= 0.9.0)
    binding_of_caller (0.7.2)
      debug_inspector (>= 0.0.1)
    blankslate (3.1.3)
    boolean (1.0.1)
    builder (3.2.3)
    capistrano (3.10.0)
      airbrussh (>= 1.0.0)
      i18n
      rake (>= 10.0.0)
      sshkit (>= 1.9.0)
    capistrano-bundler (1.3.0)
      capistrano (~> 3.1)
      sshkit (~> 1.2)
    capistrano-rails (1.3.0)
      capistrano (~> 3.1)
      capistrano-bundler (~> 1.1)
    capistrano-rvm (0.1.2)
      capistrano (~> 3.0)
      sshkit (~> 1.2)
    chronic (0.10.2)
    climate_control (0.0.3)
      activesupport (>= 3.0)
    cocaine (0.5.8)
      climate_control (>= 0.0.3, < 1.0)
    coderay (1.1.1)
    coffee-rails (4.1.1)
      coffee-script (>= 2.2.0)
      railties (>= 4.0.0, < 5.1.x)
    coffee-script (2.4.1)
      coffee-script-source
      execjs
    coffee-script-source (1.10.0)
    concurrent-ruby (1.0.5)
    configoro (1.4.0)
      activesupport
    connection_pool (2.2.1)
    daemons (1.2.3)
    database_cleaner (1.5.3)
    debug_inspector (0.0.2)
    devise (4.1.1)
      bcrypt (~> 3.0)
      orm_adapter (~> 0.1)
      railties (>= 4.1.0, < 5.1)
      responders
      warden (~> 1.2.3)
    diff-lcs (1.2.5)
    dropzonejs-rails (0.7.3)
      rails (> 3.1)
    elasticsearch (1.0.18)
      elasticsearch-api (= 1.0.18)
      elasticsearch-transport (= 1.0.18)
    elasticsearch-api (1.0.18)
      multi_json
    elasticsearch-dsl (0.1.4)
    elasticsearch-model (0.1.9)
      activesupport (> 3)
      elasticsearch (> 0.4)
      hashie
    elasticsearch-rails (0.1.9)
    elasticsearch-transport (1.0.18)
      faraday
      multi_json
    erubis (2.7.0)
    eventmachine (1.0.9.1)
    execjs (2.7.0)
    factory_girl (4.7.0)
      activesupport (>= 3.0.0)
    factory_girl_rails (4.7.0)
      factory_girl (~> 4.7.0)
      railties (>= 3.0.0)
    faker (1.6.3)
      i18n (~> 0.5)
    faraday (0.9.2)
      multipart-post (>= 1.2, < 3)
    find_or_create_on_scopes (1.5.0)
      activerecord (>= 3.1)
    font-awesome-rails (4.6.3.0)
      railties (>= 3.2, < 5.1)
    hashie (3.4.4)
    hike (1.2.3)
    hogan_assets (1.6.0)
      execjs (>= 1.2.9)
      sprockets (>= 2.0.3)
      tilt (>= 1.3.3)
    html_validation (1.1.3)
    httparty (0.13.7)
      json (~> 1.8)
      multi_xml (>= 0.5.2)
    i18n (0.9.0)
      concurrent-ruby (~> 1.0)
    jmespath (1.2.4)
      json_pure (>= 1.8.1)
    jquery-rails (3.1.4)
      railties (>= 3.0, < 5.0)
      thor (>= 0.14, < 2.0)
    json (1.8.6)
    json_pure (1.8.3)
    kaminari (0.17.0)
      actionpack (>= 3.0.0)
      activesupport (>= 3.0.0)
    libarchive (0.1.2)
    mail (2.6.6)
      mime-types (>= 1.16, < 4)
    mailcatcher (0.6.4)
      activesupport (~> 4.0)
      eventmachine (= 1.0.9.1)
      mail (~> 2.3)
      rack (~> 1.5)
      sinatra (~> 1.2)
      skinny (~> 0.2.3)
      sqlite3 (~> 1.3)
      thin (~> 1.5.0)
    method_source (0.8.2)
    mime-types (3.1)
      mime-types-data (~> 3.2015)
    mime-types-data (3.2016.0521)
    mimemagic (0.3.0)
    mini_portile2 (2.1.0)
    minitest (5.10.3)
    multi_json (1.12.2)
    multi_xml (0.5.5)
    multipart-post (2.0.0)
    mustache (1.0.3)
    net-scp (1.2.1)
      net-ssh (>= 2.6.5)
    net-ssh (4.2.0)
    nokogiri (1.6.8)
      mini_portile2 (~> 2.1.0)
      pkg-config (~> 1.1.7)
    orm_adapter (0.5.0)
    paperclip (4.3.6)
      activemodel (>= 3.2.0)
      activesupport (>= 3.2.0)
      cocaine (~> 0.5.5)
      mime-types
      mimemagic (= 0.3.0)
    parslet (1.7.1)
      blankslate (>= 2.0, <= 4.0)
    pg (0.18.4)
    pkg-config (1.1.7)
    pry (0.10.3)
      coderay (~> 1.1.0)
      method_source (~> 0.8.1)
      slop (~> 3.4)
    pry-nav (0.2.4)
      pry (>= 0.9.10, < 0.11.0)
    rack (1.5.5)
    rack-cache (1.6.1)
      rack (>= 0.4)
    rack-protection (1.5.3)
      rack
    rack-test (0.6.3)
      rack (>= 1.0)
    rails (4.1.16)
      actionmailer (= 4.1.16)
      actionpack (= 4.1.16)
      actionview (= 4.1.16)
      activemodel (= 4.1.16)
      activerecord (= 4.1.16)
      activesupport (= 4.1.16)
      bundler (>= 1.3.0, < 2.0)
      railties (= 4.1.16)
      sprockets-rails (~> 2.0)
    rails-assets-raven-js (3.1.0)
    rails-observers (0.1.2)
      activemodel (~> 4.0)
    railties (4.1.16)
      actionpack (= 4.1.16)
      activesupport (= 4.1.16)
      rake (>= 0.8.7)
      thor (>= 0.18.1, < 2.0)
    rake (12.2.1)
    redcarpet (3.3.4)
    redis (3.3.5)
    redis-actionpack (4.0.1)
      actionpack (~> 4)
      redis-rack (~> 1.5.0)
      redis-store (~> 1.1.0)
    redis-activesupport (4.1.5)
      activesupport (>= 3, < 5)
      redis-store (~> 1.1.0)
    redis-classy (2.2.0)
      redis-namespace (~> 1.0)
    redis-mutex (4.0.0)
      redis-classy (~> 2.0)
    redis-namespace (1.5.3)
      redis (~> 3.0, >= 3.0.4)
    redis-rack (1.5.0)
      rack (~> 1.5)
      redis-store (~> 1.1.0)
    redis-rack-cache (1.2.4)
      rack-cache (~> 1.2)
      redis-store (~> 1.1.0)
    redis-rails (4.0.0)
      redis-actionpack (~> 4)
      redis-activesupport (~> 4)
      redis-store (~> 1.1.0)
    redis-store (1.1.7)
      redis (>= 2.2)
    responders (1.1.2)
      railties (>= 3.2, < 4.2)
    rspec-core (3.4.4)
      rspec-support (~> 3.4.0)
    rspec-expectations (3.4.0)
      diff-lcs (>= 1.2.0, < 2.0)
      rspec-support (~> 3.4.0)
    rspec-mocks (3.4.1)
      diff-lcs (>= 1.2.0, < 2.0)
      rspec-support (~> 3.4.0)
    rspec-rails (3.4.2)
      actionpack (>= 3.0, < 4.3)
      activesupport (>= 3.0, < 4.3)
      railties (>= 3.0, < 4.3)
      rspec-core (~> 3.4.0)
      rspec-expectations (~> 3.4.0)
      rspec-mocks (~> 3.4.0)
      rspec-support (~> 3.4.0)
    rspec-support (3.4.1)
    ruby2ruby (2.3.0)
      ruby_parser (~> 3.1)
      sexp_processor (~> 4.0)
    ruby_parser (3.8.2)
      sexp_processor (~> 4.1)
    safemode (1.2.4)
      ruby2ruby (>= 2.0.6)
      ruby_parser (>= 3.2.0)
      sexp_processor (>= 4.3.0)
    sass (3.2.19)
    sass-rails (4.0.3)
      railties (>= 4.0.0, < 5.0)
      sass (~> 3.2.0)
      sprockets (~> 2.8, <= 2.11.0)
      sprockets-rails (~> 2.0)
    sentry-raven (1.1.0)
      faraday (>= 0.7.6)
    sexp_processor (4.7.0)
    sidekiq (4.2.10)
      concurrent-ruby (~> 1.0)
      connection_pool (~> 2.2, >= 2.2.0)
      rack-protection (>= 1.5.0)
      redis (~> 3.2, >= 3.2.1)
    sidekiq-pro (3.3.3)
      sidekiq (>= 4.0.0)
    similar_text (0.0.4)
    sinatra (1.4.7)
      rack (~> 1.5)
      rack-protection (~> 1.4)
      tilt (>= 1.3, < 3)
    skinny (0.2.4)
      eventmachine (~> 1.0.0)
      thin (>= 1.5, < 1.7)
    slim (3.0.7)
      temple (~> 0.7.6)
      tilt (>= 1.3.3, < 2.1)
    slim-rails (3.1.0)
      actionpack (>= 3.1)
      railties (>= 3.1)
      slim (~> 3.0)
    slop (3.6.0)
    slugalicious (2.1.0)
      rails (>= 4.0)
      stringex
    sprockets (2.11.0)
      hike (~> 1.2)
      multi_json (~> 1.0)
      rack (~> 1.0)
      tilt (~> 1.1, != 1.3.0)
    sprockets-rails (2.3.3)
      actionpack (>= 3.0)
      activesupport (>= 3.0)
      sprockets (>= 2.8, < 4.0)
    sqlite3 (1.3.11)
    sshkit (1.14.0)
      net-scp (>= 1.1.2)
      net-ssh (>= 2.8.0)
    stringex (2.2.0)
    temple (0.7.7)
    thin (1.5.1)
      daemons (>= 1.0.9)
      eventmachine (>= 0.12.6)
      rack (>= 1.0.0)
    thor (0.20.0)
    thread_safe (0.3.6)
    tilt (1.4.1)
    timecop (0.8.1)
    timeliness (0.3.8)
    twitter-typeahead-rails (0.9.3)
      actionpack (>= 3.1)
      jquery-rails
      railties (>= 3.1)
    tzinfo (1.2.3)
      thread_safe (~> 0.1)
    uea-stemmer (0.10.1)
    uglifier (3.0.0)
      execjs (>= 0.3.0, < 3)
    unicode_scanner (1.0.0)
    validates_timeliness (4.0.2)
      timeliness (~> 0.3.7)
    warden (1.2.6)
      rack (>= 1.0)
    web-console (2.3.0)
      activemodel (>= 4.0)
      binding_of_caller (>= 0.7.2)
      railties (>= 4.0)
      sprockets-rails (>= 2.0, < 4.0)
    whenever (0.9.7)
      chronic (>= 0.6.3)
    yard (0.8.7.6)

PLATFORMS
  ruby

DEPENDENCIES
  CFPropertyList
  after-commit-on-action
  autoprefixer-rails
  aws-sdk
  better_errors
  binding_of_caller
  boolean
  capistrano (~> 3.10)
  capistrano-bundler (~> 1.3)
  capistrano-rails (~> 1.3)
  capistrano-rvm (~> 0.1)
  capistrano-sidekiq!
  coffee-rails
  coffee-script
  configoro
  database_cleaner
  devise
  diff-lcs
  dropzonejs-rails
  elasticsearch-dsl (~> 0.1.3)
  elasticsearch-model (~> 0.1.9)
  elasticsearch-rails (~> 0.1.9)
  execjs
  factory_girl_rails
  faker
  find_or_create_on_scopes
  font-awesome-rails
  hogan_assets
  html_validation
  httparty
  jquery-rails
  json
  kaminari
  libarchive
  mailcatcher (~> 0.6.4)
  mustache
  nokogiri (>= 1.6.7.2)
  paperclip (>= 4.2.2)
  parslet
  pg
  pry
  pry-nav
  rack-cache
  rails (= 4.1.16)
  rails-assets-raven-js!
  rails-observers
  redcarpet
  redis-mutex
  redis-namespace
  redis-rack-cache
  redis-rails
  rspec-rails (~> 3.0)
  rugged!
  safemode
  sass-rails (= 4.0.3)
  sentry-raven
  sidekiq (= 4.2.10)
  sidekiq-failures!
  sidekiq-pro
  similar_text (~> 0.0.4)
  sinatra
  slim-rails
  slugalicious
  sprockets-rails
  stringex (= 2.2.0)
  timecop
  twitter-typeahead-rails (= 0.9.3)
  uea-stemmer
  uglifier
  unicode_scanner
  validates_timeliness
  web-console (~> 2.0)
  whenever
  yard

BUNDLED WITH
   1.12.5
